GEM
  remote: https://rubygems.org/
  specs:
    bitcoin-ruby (0.0.20)
      eventmachine
      ffi
      scrypt
    eventmachine (1.2.7)
    ffi (1.15.4)
    ffi-compiler (1.0.1)
      ffi (>= 1.0.0)
      rake
    rake (13.0.6)
    scrypt (3.0.7)
      ffi-compiler (>= 1.0, < 2.0)

PLATFORMS
  ruby

DEPENDENCIES
  bitcoin-ruby (~> 0.0.20)

RUBY VERSION
   ruby 3.0.1p64

BUNDLED WITH
   2.2.15
